GEM
  remote: https://rubygems.org/
  specs:
    concurrent-ruby (1.1.10)
    faker (1.9.6)
      i18n (>= 0.7)
    i18n (1.12.0)
      concurrent-ruby (~> 1.0)

PLATFORMS
  arm64-darwin-21

DEPENDENCIES
  faker (~> 1.9)

BUNDLED WITH
   2.3.26
